GIT
  remote: https://github.com/jubin404/todo-gem.git
  revision: f07763902303230df431e6b0753e1c6dc58eafbd
  branch: main
  specs:
    todo (1.0.1)

GEM
  specs:

PLATFORMS
  x86_64-linux

DEPENDENCIES
  todo!

BUNDLED WITH
   2.4.20
