GIT
  remote: https://github.com/jubin404/todo-gem.git
  revision: 929043adc05c2e3489dba2d8b22ac86c496f978e
  branch: main
  specs:
    todo (1.0.0)

GEM
  specs:

PLATFORMS
  x86_64-linux

DEPENDENCIES
  todo!

BUNDLED WITH
   2.3.5
